GIT
  remote: https://github.com/igas/faunadb-ruby.git
  revision: f09176e27edb4efbb2996a2c12197fb06b17d3ac
  branch: patch-1
  specs:
    fauna (3.0.1.pre.1)
      faraday (~> 1.0)
      json (~> 2.3)
      net-http-persistent (~> 2.9)

GEM
  remote: https://rubygems.org/
  specs:
    cowsay (0.3.0)
    faraday (1.0.1)
      multipart-post (>= 1.2, < 3)
    json (2.3.1)
    mini_portile2 (2.4.0)
    multipart-post (2.1.1)
    net-http-persistent (2.9.4)
    nokogiri (1.10.10)
      mini_portile2 (~> 2.4.0)

PLATFORMS
  ruby

DEPENDENCIES
  cowsay
  fauna!
  json
  nokogiri

BUNDLED WITH
   2.1.4
