GEM
  remote: https://rubygems.org/
  specs:
    cowsay (0.3.0)
    ethon (0.12.0)
      ffi (>= 1.3.0)
    fauna (1.3)
      json
      typhoeus
    ffi (1.13.1)
    json (2.3.1)
    mini_portile2 (2.4.0)
    nokogiri (1.10.10)
      mini_portile2 (~> 2.4.0)
    typhoeus (1.4.0)
      ethon (>= 0.9.0)

PLATFORMS
  ruby

DEPENDENCIES
  cowsay
  fauna
  json
  nokogiri

BUNDLED WITH
   2.1.4
